PATH
  remote: .
  specs:
    wp_validators (0.0.1)

GEM
  remote: http://rubygems.org/
  specs:
    rspec (1.3.0)

PLATFORMS
  ruby

DEPENDENCIES
  bundler (>= 1.0.0.rc.6)
  rspec (~> 1.3.0)
  wp_validators!
